GIT
  remote: git://github.com/vaadin-miki/vaadin-elements.git
  revision: f3e72aaa483525c8a7644c2a7027d650de4b0b39
  branch: development
  specs:
    vaadin-elements (0.2.0)

GEM
  remote: https://rubygems.org/
  specs:
    power_assert (0.2.7)
    rack (1.6.4)
    rack-protection (1.5.3)
      rack
    sinatra (1.4.7)
      rack (~> 1.5)
      rack-protection (~> 1.4)
      tilt (>= 1.3, < 3)
    test-unit (3.1.7)
      power_assert
    tilt (2.0.2)

PLATFORMS
  x64-mingw32

DEPENDENCIES
  bundler
  sinatra
  test-unit
  vaadin-elements!

BUNDLED WITH
   1.11.2
