GIT
  remote: git://github.com/vaadin-miki/vaadin-elements.git
  revision: 2765496e2a7f5f38df05c3b45f01e168ef750e84
  branch: dev-upload
  specs:
    vaadin-elements (0.3.0)

GEM
  remote: https://rubygems.org/
  specs:
    power_assert (0.3.0)
    rack (1.6.4)
    rack-protection (1.5.3)
      rack
    sinatra (1.4.7)
      rack (~> 1.5)
      rack-protection (~> 1.4)
      tilt (>= 1.3, < 3)
    test-unit (3.1.8)
      power_assert
    tilt (2.0.2)

PLATFORMS
  x64-mingw32

DEPENDENCIES
  bundler
  sinatra
  test-unit
  vaadin-elements!

BUNDLED WITH
   1.11.2
